GEM
  remote: http://rubygems.org/
  remote: http://gems.github.com/
  specs:
    POpen4 (0.1.4)
      Platform (>= 0.4.0)
      open4
    Platform (0.4.0)
    actionmailer (2.3.18)
      actionpack (= 2.3.18)
    actionpack (2.3.18)
      activesupport (= 2.3.18)
      rack (~> 1.1.0)
    activemerchant (1.5.1)
      activesupport (>= 2.3.2)
      builder (>= 2.0.0)
    activerecord (2.3.18)
      activesupport (= 2.3.18)
    activeresource (2.3.18)
      activesupport (= 2.3.18)
    activesupport (2.3.18)
    ambethia-recaptcha (0.2.2)
    authlogic (2.1.9)
      activerecord (~> 2.3.0)
      activesupport (~> 2.3.0)
    aws-s3 (0.6.3)
      builder
      mime-types
      xml-simple
    builder (3.2.2)
    cancan (1.4.1)
    carmen (0.2.13)
    chronic (0.2.3)
      hoe (>= 1.2.1)
    closure-compiler (1.1.8)
    daemons (1.1.9)
    delayed_job (2.0.3)
      daemons
    fast_xs (0.8.0)
    feedvalidator (0.1.2)
    ghazel-daemons (1.0.13.1)
    hoe (2.6.2)
      rake (>= 0.8.7)
      rubyforge (>= 2.0.4)
    htmlentities (4.3.1)
    jammit (0.4.4)
      closure-compiler (>= 0.1.0)
      rails (>= 2.0.0)
      yui-compressor (>= 0.9.1)
    javan-whenever (0.3.7)
      chronic (>= 0.2.3)
    json_pure (1.7.7)
    mime-types (1.23)
    mysql (2.8.1)
    open4 (1.3.0)
    pdfkit (0.5.3)
    rack (1.1.6)
    rails (2.3.18)
      actionmailer (= 2.3.18)
      actionpack (= 2.3.18)
      activerecord (= 2.3.18)
      activeresource (= 2.3.18)
      activesupport (= 2.3.18)
      rake (>= 0.8.3)
    rake (0.8.7)
    rubyforge (2.0.4)
      json_pure (>= 1.1.7)
    rubyzip (0.9.9)
    simple_xlsx_writer (0.5.3)
      fast_xs (>= 0.7.3)
      rubyzip (>= 0.9.4)
    validates_existence (0.8.0)
    will_paginate (2.3.16)
    wkhtmltopdf-binary (0.9.5.3)
    xml-simple (1.1.2)
    yui-compressor (0.9.6)
      POpen4 (>= 0.1.4)

PLATFORMS
  ruby

DEPENDENCIES
  activemerchant (~> 1.5.1)
  activesupport (~> 2.3.5)
  ambethia-recaptcha
  authlogic (~> 2.1.3)
  aws-s3 (~> 0.6.2)
  cancan (~> 1.4.0)
  carmen
  chronic (~> 0.2.3)
  delayed_job (= 2.0.3)
  feedvalidator (~> 0.1.2)
  ghazel-daemons (~> 1.0.13.1)
  hoe (~> 2.6.2)
  htmlentities (~> 4.3.1)
  jammit (~> 0.4.4)
  javan-whenever (~> 0.3.7)
  mysql (~> 2.8.1)
  pdfkit (~> 0.5.2)
  rails (~> 2.3.5)
  rake (~> 0.8.7)
  simple_xlsx_writer (~> 0.5.3)
  validates_existence
  will_paginate (~> 2.3.12)
  wkhtmltopdf-binary (= 0.9.5.3)
  yui-compressor (= 0.9.6)
